GEM
  remote: http://rubygems.org/
  specs:
    autotest-standalone (4.5.9)
    coderay (1.0.5)
    commander (4.1.2)
      highline (~> 1.6.11)
    diff-lcs (1.1.3)
    git (1.2.5)
    highline (1.6.11)
    jeweler (1.8.3)
      bundler (~> 1.0)
      git (>= 1.2.5)
      rake
      rdoc
    json (1.6.5)
    method_source (0.7.1)
    mime-types (1.17.2)
    mixlib-config (1.1.2)
    mixlib-log (1.3.0)
    mixlib-shellout (1.0.0)
    multi_json (1.1.0)
    pg (0.13.2)
    pry (0.9.8.4)
      coderay (~> 1.0.5)
      method_source (~> 0.7.1)
      slop (>= 2.4.4, < 3)
    rack (1.4.1)
    rack-protection (1.2.0)
      rack
    rack-test (0.6.1)
      rack (>= 1.0)
    rake (0.9.2.2)
    rdoc (3.12)
      json (~> 1.4)
    redis (2.2.2)
    redis-namespace (1.0.3)
      redis (< 3.0.0)
    resque (1.20.0)
      multi_json (~> 1.0)
      redis-namespace (~> 1.0.2)
      sinatra (>= 0.9.2)
      vegas (~> 0.1.2)
    rest-client (1.6.7)
      mime-types (>= 1.16)
    rspec (2.8.0)
      rspec-core (~> 2.8.0)
      rspec-expectations (~> 2.8.0)
      rspec-mocks (~> 2.8.0)
    rspec-core (2.8.0)
    rspec-expectations (2.8.0)
      diff-lcs (~> 1.1.2)
    rspec-mocks (2.8.0)
    sequel (3.33.0)
    simplecov (0.6.1)
      multi_json (~> 1.0)
      simplecov-html (~> 0.5.3)
    simplecov-html (0.5.3)
    sinatra (1.3.2)
      rack (~> 1.3, >= 1.3.6)
      rack-protection (~> 1.2)
      tilt (~> 1.3, >= 1.3.3)
    slop (2.4.4)
    tilt (1.3.3)
    vegas (0.1.11)
      rack (>= 1.0.0)
    yajl-ruby (1.1.0)
    yard (0.7.5)

PLATFORMS
  ruby

DEPENDENCIES
  autotest-standalone
  bundler (~> 1.1.0)
  commander
  jeweler (~> 1.8.3)
  mixlib-config
  mixlib-log
  mixlib-shellout
  pg
  pry
  rack-test
  rdoc (~> 3.12)
  resque
  rest-client
  rspec (~> 2.8.0)
  sequel (>= 3.33.0)
  simplecov
  sinatra
  vegas
  yajl-ruby
  yard (~> 0.7)
